PATH
  remote: .
  specs:
    configy (1.1.3)
      hashie (>= 1.2, < 3.0)

GEM
  remote: http://rubygems.org/
  specs:
    hashie (2.1.2)
    minitest (2.5.1)

PLATFORMS
  ruby

DEPENDENCIES
  bundler (>= 1.0.0)
  configy!
  minitest (= 2.5.1)
