PATH
  remote: .
  specs:
    configy (1.2.0)
      hashie

GEM
  remote: http://rubygems.org/
  specs:
    hashie (3.5.5)
    json (1.8.6)
    minitest (2.5.1)
    rake (10.3.2)
    rdoc (4.1.1)
      json (~> 1.4)

PLATFORMS
  ruby

DEPENDENCIES
  bundler (>= 1.0.0)
  configy!
  minitest (= 2.5.1)
  rake
  rdoc

BUNDLED WITH
   1.14.6
