PATH
  remote: .
  specs:
    configy (1.1.3)
      hashie

GEM
  remote: http://rubygems.org/
  specs:
    hashie (2.0.5)
    minitest (2.5.1)

PLATFORMS
  ruby

DEPENDENCIES
  bundler (>= 1.0.0)
  configy!
  minitest
